GEM
  specs:
    activemodel (3.0.0.beta4)
      activesupport (= 3.0.0.beta4)
      builder (~> 2.1.2)
      i18n (~> 0.4.1)
    activerecord (3.0.0.beta4)
      activemodel (= 3.0.0.beta4)
      activesupport (= 3.0.0.beta4)
      arel (~> 0.4.0)
      tzinfo (~> 0.3.16)
    activesupport (3.0.0.beta4)
    arel (0.4.0)
      activesupport (>= 3.0.0.beta)
    builder (2.1.2)
    i18n (0.4.1)
    rake (0.8.7)
    rspec (1.3.0)
    tzinfo (0.3.22)

PLATFORMS
  ruby

DEPENDENCIES
  activerecord (>= 3.0.0.beta4)
  bundler (>= 1.0.0.beta.4)
  rake
  rspec
